GEM
  remote: https://rubygems.org/
  specs:
    gosu (0.10.1.1)
    gosu_enhanced (0.3.5)
      gosu (~> 0.10)

PLATFORMS
  ruby

DEPENDENCIES
  gosu_enhanced (~> 0.3.5)

BUNDLED WITH
   1.10.6
