GEM
  remote: https://rubygems.org/
  specs:
    gosu (0.14.5)
    gosu_enhanced (0.4.5)
      gosu (~> 0.14.5)

PLATFORMS
  ruby

DEPENDENCIES
  gosu_enhanced (~> 0.4.5)

BUNDLED WITH
   1.17.2
